GEM
  remote: https://rubygems.org/
  specs:
    awesome_print (1.9.2)
    docile (1.4.0)
    ffi (1.15.4)
    minitest (5.14.4)
    mocha (1.13.0)
    rake (13.0.6)
    simplecov (0.21.2)
      docile (~> 1.1)
      simplecov-html (~> 0.11)
      simplecov_json_formatter (~> 0.1)
    simplecov-html (0.12.3)
    simplecov_json_formatter (0.1.3)

PLATFORMS
  x86_64-linux

DEPENDENCIES
  awesome_print
  ffi
  minitest
  mocha
  rake
  simplecov

BUNDLED WITH
   2.2.28
